PATH
  remote: .
  specs:
    Saikuro (1.2.1)

GEM
  remote: http://rubygems.org/
  specs:
    rake (0.9.2.2)

PLATFORMS
  ruby

DEPENDENCIES
  Saikuro!
  rake
